GEM
  remote: https://rubygems.org/
  specs:
    bundler-audit (0.8.0)
      bundler (>= 1.2.0, < 3)
      thor (~> 1.0)
    rexml (3.2.4)
    thor (1.1.0)

PLATFORMS
  x86_64-linux-musl

DEPENDENCIES
  bundler-audit (~> 0.8.0)
  rexml (= 3.2.4)

BUNDLED WITH
   2.2.15
